GEM
  remote: https://rubygems.org/
  specs:
    rainbow (2.0.0)
    sass (3.4.3)
    scss-lint (0.28.0)
      rainbow (~> 2.0)
      sass (~> 3.4.0)

PLATFORMS
  ruby
  x64-mingw32

DEPENDENCIES
  scss-lint (>= 0.28.0)
